GEM
  remote: http://rubygems.org/
  specs:
    nokogiri (1.4.4)
    rmagick (2.13.1)

PLATFORMS
  ruby

DEPENDENCIES
  nokogiri
  rmagick
